GEM
  remote: https://rubygems.org/
  specs:
    activesupport (5.2.1)
      concurrent-ruby (~> 1.0, >= 1.0.2)
      i18n (>= 0.7, < 2)
      minitest (~> 5.1)
      tzinfo (~> 1.1)
    ast (2.4.0)
    backports (3.11.4)
    bond (0.5.1)
    byebug (10.0.2)
    coderay (1.1.2)
    concurrent-ruby (1.0.5)
    diff-lcs (1.3)
    docile (1.3.1)
    i18n (1.1.1)
      concurrent-ruby (~> 1.0)
    jaro_winkler (1.5.1)
    json (2.1.0)
    method_source (0.9.0)
    mini_portile2 (2.4.0)
    minitest (5.11.3)
    multi_json (1.13.1)
    mustermann (1.0.3)
    nokogiri (1.10.9)
      mini_portile2 (~> 2.4.0)
    parallel (1.12.1)
    parser (2.5.3.0)
      ast (~> 2.4.0)
    powerpack (0.1.2)
    pry (0.11.3)
      coderay (~> 1.1.0)
      method_source (~> 0.9.0)
    pry-bond (0.0.1)
      bond (~> 0.5)
      rb-readline (~> 0.5)
    pry-byebug (3.6.0)
      byebug (~> 10.0)
      pry (~> 0.10)
    pry-highlight (0.1.0)
      coderay
      json
      nokogiri
      pry
    pry-remote (0.1.8)
      pry (~> 0.9)
      slop (~> 3.0)
    rack (2.0.5)
    rack-protection (2.0.4)
      rack
    rainbow (3.0.0)
    rake (12.3.3)
    rb-readline (0.5.5)
    rspec (3.8.0)
      rspec-core (~> 3.8.0)
      rspec-expectations (~> 3.8.0)
      rspec-mocks (~> 3.8.0)
    rspec-core (3.8.0)
      rspec-support (~> 3.8.0)
    rspec-expectations (3.8.2)
      diff-lcs (>= 1.2.0, < 2.0)
      rspec-support (~> 3.8.0)
    rspec-mocks (3.8.0)
      diff-lcs (>= 1.2.0, < 2.0)
      rspec-support (~> 3.8.0)
    rspec-support (3.8.0)
    rubocop (0.60.0)
      jaro_winkler (~> 1.5.1)
      parallel (~> 1.10)
      parser (>= 2.5, != 2.5.1.1)
      powerpack (~> 0.1)
      rainbow (>= 2.2.2, < 4.0)
      ruby-progressbar (~> 1.7)
      unicode-display_width (~> 1.4.0)
    rubocop-rspec (1.30.1)
      rubocop (>= 0.60.0)
    ruby-progressbar (1.10.0)
    sequel (5.14.0)
    simplecov (0.16.1)
      docile (~> 1.1)
      json (>= 1.8, < 3)
      simplecov-html (~> 0.10.0)
    simplecov-html (0.10.2)
    sinatra (2.0.4)
      mustermann (~> 1.0)
      rack (~> 2.0)
      rack-protection (= 2.0.4)
      tilt (~> 2.0)
    sinatra-contrib (2.0.4)
      activesupport (>= 4.0.0)
      backports (>= 2.8.2)
      multi_json
      mustermann (~> 1.0)
      rack-protection (= 2.0.4)
      sinatra (= 2.0.4)
      tilt (>= 1.3, < 3)
    slop (3.6.0)
    sqlite3 (1.3.13)
    thread_safe (0.3.6)
    tilt (2.0.8)
    tzinfo (1.2.5)
      thread_safe (~> 0.1)
    unicode-display_width (1.4.0)

PLATFORMS
  ruby

DEPENDENCIES
  pry
  pry-bond
  pry-byebug
  pry-highlight
  pry-remote
  rake
  rspec
  rubocop
  rubocop-rspec
  sequel
  simplecov
  sinatra
  sinatra-contrib
  sqlite3

BUNDLED WITH
   1.16.2
